PATH
  remote: .
  specs:
    zss-commons (0.0.7)
      activesupport (~> 4.2)
      hashie (~> 3.2)
      redis-namespace
      zss

GEM
  remote: https://rubygems.org/
  specs:
    activemodel (4.2.0)
      activesupport (= 4.2.0)
      builder (~> 3.1)
    activerecord (4.2.0)
      activemodel (= 4.2.0)
      activesupport (= 4.2.0)
      arel (~> 6.0)
    activesupport (4.2.0)
      i18n (~> 0.7)
      json (~> 1.7, >= 1.7.7)
      minitest (~> 5.1)
      thread_safe (~> 0.3, >= 0.3.4)
      tzinfo (~> 1.1)
    airbrake (4.1.0)
      builder
      multi_json
    arel (6.0.0)
    builder (3.2.2)
    bump (0.5.1)
    celluloid (0.16.0)
      timers (~> 4.0.0)
    codeclimate-test-reporter (0.4.7)
      simplecov (>= 0.7.1, < 1.0.0)
    coderay (1.1.0)
    daemons (1.2.2)
    diff-lcs (1.2.5)
    docile (1.1.5)
    em-zeromq (0.5.0)
      eventmachine (>= 1.0.0)
      ffi (>= 1.0.0)
      ffi-rzmq (~> 2.0.1)
    eventmachine (1.0.7)
    ffi (1.9.8)
    ffi-rzmq (2.0.4)
      ffi-rzmq-core (>= 1.0.1)
    ffi-rzmq-core (1.0.3)
      ffi (~> 1.9)
    hashie (3.4.1)
    hitimes (1.2.2)
    i18n (0.7.0)
    json (1.8.2)
    logger_facade (0.4.1)
      airbrake (~> 4.0)
      hashie (~> 3.2)
      sucker_punch (~> 1.1)
    method_source (0.8.2)
    minitest (5.5.1)
    msgpack (1.4)
    multi_json (1.11.0)
    pry (0.10.1)
      coderay (~> 1.1.0)
      method_source (~> 0.8.1)
      slop (~> 3.4)
    rake (10.4.2)
    redis (3.2.1)
    redis-namespace (1.5.2)
      redis (~> 3.0, >= 3.0.4)
    rspec (3.2.0)
      rspec-core (~> 3.2.0)
      rspec-expectations (~> 3.2.0)
      rspec-mocks (~> 3.2.0)
    rspec-core (3.2.1)
      rspec-support (~> 3.2.0)
    rspec-expectations (3.2.0)
      diff-lcs (>= 1.2.0, < 2.0)
      rspec-support (~> 3.2.0)
    rspec-mocks (3.2.1)
      diff-lcs (>= 1.2.0, < 2.0)
      rspec-support (~> 3.2.0)
    rspec-support (3.2.2)
    simplecov (0.9.2)
      docile (~> 1.1.0)
      multi_json (~> 1.0)
      simplecov-html (~> 0.9.0)
    simplecov-html (0.9.0)
    slop (3.6.0)
    sucker_punch (1.4.0)
      celluloid (~> 0.16.0)
    thread_safe (0.3.4)
    timers (4.0.1)
      hitimes
    tzinfo (1.2.2)
      thread_safe (~> 0.1)
    zss (0.3.2)
      activesupport (~> 4.2)
      daemons (~> 1.1)
      em-zeromq (~> 0.5)
      ffi-rzmq (~> 2.0)
      hashie (~> 3.2)
      logger_facade (~> 0.4.1)
      msgpack (~> 1.4)

PLATFORMS
  ruby

DEPENDENCIES
  activerecord
  bump (~> 0.5)
  bundler (~> 1.6)
  codeclimate-test-reporter (~> 0.3)
  pry (~> 0.10)
  rake (~> 10.3)
  rspec (~> 3.0)
  simplecov (~> 0.9)
  zss-commons!
